GEM
  remote: https://rubygems.org/
  specs:
    daemons (1.1.9)
    mysql (2.9.1)
    pg (0.15.1)
    rfuse (1.0.3)
    sequel (3.48.0)
    sqlite3 (1.3.7)

PLATFORMS
  ruby

DEPENDENCIES
  daemons
  mysql
  pg
  rfuse
  sequel
  sqlite3
